GEM
  remote: https://rubygems.org/
  specs:
    ansi (1.5.0)
    builder (3.2.4)
    byebug (11.1.1)
    coderay (1.1.2)
    method_source (0.9.2)
    minitest (5.14.0)
    minitest-reporters (1.4.2)
      ansi
      builder
      minitest (>= 5.0)
      ruby-progressbar
    pry (0.12.2)
      coderay (~> 1.1.0)
      method_source (~> 0.9.0)
    pry-byebug (3.8.0)
      byebug (~> 11.0)
      pry (~> 0.10)
    ruby-progressbar (1.10.1)

PLATFORMS
  ruby

DEPENDENCIES
  minitest (~> 5.14.0)
  minitest-reporters (~> 1.4.2)
  pry-byebug (~> 3.8.0)

RUBY VERSION
   ruby 2.7.0p0

BUNDLED WITH
   2.1.4
