GEM
  remote: https://rubygems.org/
  specs:
    addressable (2.6.0)
      public_suffix (>= 2.0.2, < 4.0)
    ast (2.4.0)
    backports (3.12.0)
    builder (3.2.3)
    byebug (10.0.2)
    capybara (3.15.0)
      addressable
      mini_mime (>= 0.1.3)
      nokogiri (~> 1.8)
      rack (>= 1.6.0)
      rack-test (>= 0.6.3)
      regexp_parser (~> 1.2)
      xpath (~> 3.2)
    coderay (1.1.2)
    erubis (2.7.0)
    jaro_winkler (1.5.2)
    method_source (0.9.2)
    mini_mime (1.0.1)
    mini_portile2 (2.4.0)
    minitest (5.11.3)
    multi_json (1.13.1)
    mustermann (1.0.3)
    nokogiri (1.10.2)
      mini_portile2 (~> 2.4.0)
    parallel (1.16.0)
    parser (2.6.2.0)
      ast (~> 2.4.0)
    pry (0.12.2)
      coderay (~> 1.1.0)
      method_source (~> 0.9.0)
    pry-byebug (3.6.0)
      byebug (~> 10.0)
      pry (~> 0.10)
    psych (3.1.0)
    public_suffix (3.0.3)
    puma (3.12.2)
    rack (2.0.6)
    rack-protection (2.0.5)
      rack
    rack-test (1.1.0)
      rack (>= 1.0, < 3)
    rack_session_access (0.2.0)
      builder (>= 2.0.0)
      rack (>= 1.0.0)
    rainbow (3.0.0)
    regexp_parser (1.3.0)
    rubocop (0.66.0)
      jaro_winkler (~> 1.5.1)
      parallel (~> 1.10)
      parser (>= 2.5, != 2.5.1.1)
      psych (>= 3.1.0)
      rainbow (>= 2.2.2, < 4.0)
      ruby-progressbar (~> 1.7)
      unicode-display_width (>= 1.4.0, < 1.6)
    ruby-progressbar (1.10.0)
    sinatra (2.0.5)
      mustermann (~> 1.0)
      rack (~> 2.0)
      rack-protection (= 2.0.5)
      tilt (~> 2.0)
    sinatra-contrib (2.0.5)
      backports (>= 2.8.2)
      multi_json
      mustermann (~> 1.0)
      rack-protection (= 2.0.5)
      sinatra (= 2.0.5)
      tilt (>= 1.3, < 3)
    tilt (2.0.9)
    unicode-display_width (1.5.0)
    xpath (3.2.0)
      nokogiri (~> 1.8)

PLATFORMS
  ruby

DEPENDENCIES
  capybara (~> 3.15.0)
  erubis (~> 2.7.0)
  minitest (~> 5.11.3)
  pry-byebug (~> 3.6.0)
  puma (~> 3.12.2)
  rack-test (~> 1.1.0)
  rack_session_access (~> 0.2.0)
  rubocop (~> 0.66.0)
  sinatra (~> 2.0.5)
  sinatra-contrib (~> 2.0.5)

RUBY VERSION
   ruby 2.5.1p57

BUNDLED WITH
   1.17.2
